GEM
  remote: https://rubygems.org/
  specs:

GEM
  remote: https://rubygems.vpsfree.cz/
  specs:
    filelock (1.1.1)
    gli (2.20.1)
    json (2.6.3)
    libosctl (22.11.0.build20230509085202)
      rainbow (~> 3.1.1)
      require_all (~> 2.0.0)
    osctl-repo (22.11.0.build20230509085202)
      filelock
      gli (~> 2.20.0)
      json
      libosctl (= 22.11.0.build20230509085202)
      require_all (~> 2.0.0)
    rainbow (3.1.1)
    require_all (2.0.0)

PLATFORMS
  x86_64-linux

DEPENDENCIES
  osctl-repo (= 22.11.0.build20230509085202)!

BUNDLED WITH
   2.3.26
