GEM
  remote: https://rubygems.org/
  specs:
    filelock (1.1.1)
    gli (2.20.1)
    json (2.7.2)
    rainbow (3.1.1)
    require_all (2.0.0)

GEM
  remote: https://rubygems.vpsfree.cz/
  specs:
    libosctl (23.11.0.build20240703131130)
      rainbow (~> 3.1.1)
      require_all (~> 2.0.0)
    osctl-repo (23.11.0.build20240703131130)
      filelock
      gli (~> 2.20.0)
      json
      libosctl (= 23.11.0.build20240703131130)
      require_all (~> 2.0.0)

PLATFORMS
  ruby
  x86_64-linux

DEPENDENCIES
  osctl-repo (= 23.11.0.build20240703131130)!

BUNDLED WITH
   2.5.9
