GEM
  remote: https://rubygems.vpsfree.cz/
  specs:
    filelock (1.1.1)
    gli (2.20.1)
    json (2.6.2)
    libosctl (21.11.0.build20220927174021)
      rainbow (~> 3.1.1)
      require_all (~> 2.0.0)
    osctl-repo (21.11.0.build20220927174021)
      filelock
      gli (~> 2.20.0)
      json
      libosctl (= 21.11.0.build20220927174021)
      require_all (~> 2.0.0)
    rainbow (3.1.1)
    require_all (2.0.0)

PLATFORMS
  x86_64-linux

DEPENDENCIES
  osctl-repo (= 21.11.0.build20220927174021)

BUNDLED WITH
   2.2.33
