GEM
  remote: https://rubygems.vpsfree.cz/
  specs:
    coderay (1.1.3)
    gli (2.20.1)
    libosctl (21.11.0.build20221105160458)
      rainbow (~> 3.1.1)
      require_all (~> 2.0.0)
    method_source (1.0.0)
    osvm (21.11.0.build20221105160458)
      gli (~> 2.20.0)
      libosctl (= 21.11.0.build20221105160458)
    pry (0.13.1)
      coderay (~> 1.1)
      method_source (~> 1.0)
    rainbow (3.1.1)
    require_all (2.0.0)
    test-runner (21.11.0.build20221105160458)
      gli (~> 2.20.0)
      libosctl (= 21.11.0.build20221105160458)
      osvm (= 21.11.0.build20221105160458)
      pry (~> 0.13.1)

PLATFORMS
  x86_64-linux

DEPENDENCIES
  test-runner (= 21.11.0.build20221105160458)

BUNDLED WITH
   2.2.33
