GEM
  remote: https://rubygems.vpsfree.cz/
  specs:
    curses (1.4.4)
    gli (2.20.1)
    highline (2.0.3)
    ipaddress (0.8.3)
    json (2.6.2)
    libosctl (21.11.0.build20221022200842)
      rainbow (~> 3.1.1)
      require_all (~> 2.0.0)
    osctl (21.11.0.build20221022200842)
      curses
      gli (~> 2.20.0)
      highline (~> 2.0.3)
      ipaddress (~> 0.8.3)
      json
      libosctl (= 21.11.0.build20221022200842)
      rainbow (~> 3.1.1)
      require_all (~> 2.0.0)
      ruby-progressbar (~> 1.11.0)
    rainbow (3.1.1)
    require_all (2.0.0)
    ruby-progressbar (1.11.0)

PLATFORMS
  x86_64-linux

DEPENDENCIES
  osctl (= 21.11.0.build20221022200842)

BUNDLED WITH
   2.2.33
