GEM
  remote: https://rubygems.org/
  specs:

GEM
  remote: https://rubygems.vpsfree.cz/
  specs:
    curses (1.4.4)
    gli (2.20.1)
    highline (2.0.3)
    ipaddress (0.8.3)
    json (2.6.3)
    libosctl (22.11.0.build20230416115608)
      rainbow (~> 3.1.1)
      require_all (~> 2.0.0)
    osctl (22.11.0.build20230416115608)
      curses
      gli (~> 2.20.0)
      highline (~> 2.0.3)
      ipaddress (~> 0.8.3)
      json
      libosctl (= 22.11.0.build20230416115608)
      rainbow (~> 3.1.1)
      require_all (~> 2.0.0)
      ruby-progressbar (~> 1.11.0)
      tty-spinner (~> 0.9.3)
    rainbow (3.1.1)
    require_all (2.0.0)
    ruby-progressbar (1.11.0)
    tty-cursor (0.7.1)
    tty-spinner (0.9.3)
      tty-cursor (~> 0.7)

PLATFORMS
  x86_64-linux

DEPENDENCIES
  libosctl!
  osctl (= 22.11.0.build20230416115608)!

BUNDLED WITH
   2.3.26
