GEM
  remote: https://rubygems.vpsfree.cz/
  specs:
    filelock (1.1.1)
    gli (2.20.1)
    libosctl (21.11.0.build20221012134936)
      rainbow (~> 3.1.1)
      require_all (~> 2.0.0)
    osctl-exportfs (21.11.0.build20221012134936)
      filelock
      gli (~> 2.20.0)
      libosctl (= 21.11.0.build20221012134936)
      require_all (~> 2.0.0)
    rainbow (3.1.1)
    require_all (2.0.0)

PLATFORMS
  x86_64-linux

DEPENDENCIES
  osctl-exportfs (= 21.11.0.build20221012134936)

BUNDLED WITH
   2.2.33
