GEM
  remote: https://rubygems.org/
  specs:

GEM
  remote: https://rubygems.vpsfree.cz/
  specs:
    filelock (1.1.1)
    gli (2.20.1)
    libosctl (22.11.0.build20230415174124)
      rainbow (~> 3.1.1)
      require_all (~> 2.0.0)
    osctl-exportfs (22.11.0.build20230415174124)
      filelock
      gli (~> 2.20.0)
      libosctl (= 22.11.0.build20230415174124)
      require_all (~> 2.0.0)
    rainbow (3.1.1)
    require_all (2.0.0)

PLATFORMS
  x86_64-linux

DEPENDENCIES
  osctl-exportfs (= 22.11.0.build20230415174124)!

BUNDLED WITH
   2.3.26
