GEM
  remote: https://rubygems.org/
  specs:

GEM
  remote: https://rubygems.vpsfree.cz/
  specs:
    binman (5.1.0)
      opener (>= 0.1.0, < 1)
    gli (2.20.1)
    highline (2.0.3)
    ipaddress (0.8.3)
    json (2.6.3)
    md2man (5.1.2)
      binman (~> 5.0)
      redcarpet (~> 3.0)
      rouge (~> 3.0)
    opener (0.1.0)
    osctl-env-exec (22.11.0.build20230410220547)
      gli (~> 2.20.0)
      highline (~> 2.0.3)
      ipaddress (~> 0.8.3)
      json
      md2man
      rake
      rake-compiler
      ruby-progressbar (~> 1.11.0)
      yard
    rake (13.0.6)
    rake-compiler (1.2.1)
      rake
    redcarpet (3.6.0)
    rouge (3.30.0)
    ruby-progressbar (1.11.0)
    yard (0.9.32)

PLATFORMS
  x86_64-linux

DEPENDENCIES
  osctl-env-exec (= 22.11.0.build20230410220547)!

BUNDLED WITH
   2.3.25
