GEM
  remote: https://rubygems.vpsfree.cz/
  specs:
    filelock (1.1.1)
    gli (2.20.1)
    libosctl (22.11.0.build20230416115608)
      rainbow (~> 3.1.1)
      require_all (~> 2.0.0)
    rainbow (3.1.1)
    require_all (2.0.0)
    svctl (22.11.0.build20230416115608)
      filelock
      gli (~> 2.20.0)
      libosctl (= 22.11.0.build20230416115608)

PLATFORMS
  x86_64-linux

DEPENDENCIES
  svctl (= 22.11.0.build20230416115608)

BUNDLED WITH
   2.3.26
