GEM
  remote: https://rubygems.org/
  specs:
    filelock (1.1.1)
    gli (2.20.1)
    rainbow (3.1.1)
    require_all (2.0.0)

GEM
  remote: https://rubygems.vpsfree.cz/
  specs:
    libosctl (24.05.0.build20241021092749)
      rainbow (~> 3.1.1)
      require_all (~> 2.0.0)
    svctl (24.05.0.build20241021092749)
      filelock
      gli (~> 2.20.0)
      libosctl (= 24.05.0.build20241021092749)

PLATFORMS
  ruby
  x86_64-linux

DEPENDENCIES
  svctl (= 24.05.0.build20241021092749)!

BUNDLED WITH
   2.5.9
