GEM
  remote: https://rubygems.vpsfree.cz/
  specs:
    gli (2.20.1)
    libosctl (21.11.0.build20220916124332)
      rainbow (~> 3.1.1)
      require_all (~> 2.0.0)
    osvm (21.11.0.build20220916124332)
      gli (~> 2.20.0)
      libosctl (= 21.11.0.build20220916124332)
    rainbow (3.1.1)
    require_all (2.0.0)

PLATFORMS
  x86_64-linux

DEPENDENCIES
  osvm (= 21.11.0.build20220916124332)

BUNDLED WITH
   2.2.33
