GEM
  remote: https://rubygems.org/
  specs:
    gli (2.20.1)
    rainbow (3.1.1)
    require_all (2.0.0)

GEM
  remote: https://rubygems.vpsfree.cz/
  specs:
    libosctl (24.05.0.build20240903181026)
      rainbow (~> 3.1.1)
      require_all (~> 2.0.0)
    osvm (24.05.0.build20240903181026)
      gli (~> 2.20.0)
      libosctl (= 24.05.0.build20240903181026)

PLATFORMS
  ruby
  x86_64-linux

DEPENDENCIES
  osvm (= 24.05.0.build20240903181026)!

BUNDLED WITH
   2.5.9
