GEM
  remote: https://rubygems.org/
  specs:

GEM
  remote: https://rubygems.vpsfree.cz/
  specs:
    gli (2.20.1)
    libosctl (22.11.0.build20230506100657)
      rainbow (~> 3.1.1)
      require_all (~> 2.0.0)
    osvm (22.11.0.build20230506100657)
      gli (~> 2.20.0)
      libosctl (= 22.11.0.build20230506100657)
    rainbow (3.1.1)
    require_all (2.0.0)

PLATFORMS
  x86_64-linux

DEPENDENCIES
  osvm (= 22.11.0.build20230506100657)!

BUNDLED WITH
   2.3.26
