GEM
  remote: https://rubygems.vpsfree.cz/
  specs:
    curses (1.4.4)
    daemons (1.4.1)
    eventmachine (1.2.7)
    filelock (1.1.1)
    gli (2.20.1)
    highline (2.0.3)
    ipaddress (0.8.3)
    json (2.6.2)
    libosctl (22.05.0.build20221105142523)
      rainbow (~> 3.1.1)
      require_all (~> 2.0.0)
    osctl (22.05.0.build20221105142523)
      curses
      gli (~> 2.20.0)
      highline (~> 2.0.3)
      ipaddress (~> 0.8.3)
      json
      libosctl (= 22.05.0.build20221105142523)
      rainbow (~> 3.1.1)
      require_all (~> 2.0.0)
      ruby-progressbar (~> 1.11.0)
    osctl-exporter (22.05.0.build20221105142523)
      json
      libosctl (= 22.05.0.build20221105142523)
      osctl (= 22.05.0.build20221105142523)
      osctl-exportfs (= 22.05.0.build20221105142523)
      prometheus-client (~> 4.0.0)
      require_all (~> 2.0.0)
      thin (~> 1.8.1)
    osctl-exportfs (22.05.0.build20221105142523)
      filelock
      gli (~> 2.20.0)
      libosctl (= 22.05.0.build20221105142523)
      require_all (~> 2.0.0)
    prometheus-client (4.0.0)
    rack (2.2.4)
    rainbow (3.1.1)
    require_all (2.0.0)
    ruby-progressbar (1.11.0)
    thin (1.8.1)
      daemons (~> 1.0, >= 1.0.9)
      eventmachine (~> 1.0, >= 1.0.4)
      rack (>= 1, < 3)

PLATFORMS
  x86_64-linux

DEPENDENCIES
  osctl-exporter (= 22.05.0.build20221105142523)

BUNDLED WITH
   2.3.9
