GEM
  remote: https://rubygems.org/
  specs:
    curses (1.4.6)
    filelock (1.1.1)
    gli (2.20.1)
    highline (2.0.3)
    ipaddress (0.8.3)
    json (2.7.2)
    rainbow (3.1.1)
    require_all (2.0.0)
    ruby-progressbar (1.11.0)
    tty-cursor (0.7.1)
    tty-spinner (0.9.3)
      tty-cursor (~> 0.7)

GEM
  remote: https://rubygems.vpsfree.cz/
  specs:
    libosctl (24.05.0.build20241017211650)
      rainbow (~> 3.1.1)
      require_all (~> 2.0.0)
    osctl (24.05.0.build20241017211650)
      curses
      gli (~> 2.20.0)
      highline (~> 2.0.3)
      ipaddress (~> 0.8.3)
      json
      libosctl (= 24.05.0.build20241017211650)
      rainbow (~> 3.1.1)
      require_all (~> 2.0.0)
      ruby-progressbar (~> 1.11.0)
      tty-spinner (~> 0.9.3)
    osctl-image (24.05.0.build20241017211650)
      gli (~> 2.20.0)
      ipaddress (~> 0.8.3)
      json
      libosctl (= 24.05.0.build20241017211650)
      osctl (= 24.05.0.build20241017211650)
      osctl-repo (= 24.05.0.build20241017211650)
      require_all (~> 2.0.0)
    osctl-repo (24.05.0.build20241017211650)
      filelock
      gli (~> 2.20.0)
      json
      libosctl (= 24.05.0.build20241017211650)
      require_all (~> 2.0.0)

PLATFORMS
  ruby
  x86_64-linux

DEPENDENCIES
  osctl-image (= 24.05.0.build20241017211650)!

BUNDLED WITH
   2.5.9
