GEM
  remote: https://rubygems.org/
  specs:

GEM
  remote: https://rubygems.vpsfree.cz/
  specs:
    gli (2.20.1)
    json (2.6.3)
    libosctl (23.11.0.build20231211155336)
      rainbow (~> 3.1.1)
      require_all (~> 2.0.0)
    osup (23.11.0.build20231211155336)
      gli (~> 2.20.0)
      json
      libosctl (= 23.11.0.build20231211155336)
      require_all (~> 2.0.0)
    rainbow (3.1.1)
    require_all (2.0.0)

PLATFORMS
  x86_64-linux

DEPENDENCIES
  osup (= 23.11.0.build20231211155336)!

BUNDLED WITH
   2.4.22
